GEM
  remote: http://rubygems.org/
  specs:
    addressable (2.2.8)
    crack (0.3.1)
    diff-lcs (1.1.3)
    faraday (0.9.0)
      multipart-post (~> 1.1)
    git (1.2.5)
    jeweler (1.6.4)
      bundler (~> 1.0)
      git (>= 1.2.5)
      rake
    json (1.7.7)
    jwt (0.1.13)
      multi_json (>= 1.5)
    multi_json (1.12.1)
    multi_xml (0.6.0)
    multipart-post (1.1.5)
    oauth2 (0.9.3)
      faraday (>= 0.8, < 0.10)
      jwt (~> 0.1.8)
      multi_json (~> 1.3)
      multi_xml (~> 0.5)
      rack (~> 1.2)
    rack (1.6.5)
    rake (0.9.2.2)
    rspec (2.10.0)
      rspec-core (~> 2.10.0)
      rspec-expectations (~> 2.10.0)
      rspec-mocks (~> 2.10.0)
    rspec-core (2.10.0)
    rspec-expectations (2.10.0)
      diff-lcs (~> 1.1.3)
    rspec-mocks (2.10.1)
    webmock (1.8.7)
      addressable (>= 2.2.7)
      crack (>= 0.1.7)

PLATFORMS
  ruby

DEPENDENCIES
  addressable
  bundler
  jeweler (~> 1.6.4)
  json
  multipart-post
  oauth2 (= 0.9.3)
  rspec
  webmock

BUNDLED WITH
   1.10.6
